GIT
  remote: https://github.com/nyxcharon/sensu-plugins-systemd.git
  revision: be972959c5f6cdc989b1122db72a4b10a1ecce77
  specs:
    sensu-plugins-systemd (0.0.1)
      sensu-plugin (= 1.2.0)
      systemd-bindings (= 0.0.1.1)

GEM
  remote: https://rubygems.org/
  specs:
    amq-protocol (1.9.2)
    amqp (1.5.0)
      amq-protocol (>= 1.9.2)
      eventmachine
    async_sinatra (1.2.0)
      rack (>= 1.4.1)
      sinatra (>= 1.3.2)
    aws (2.10.2)
      http_connection
      uuidtools
      xml-simple
    childprocess (0.5.8)
      ffi (~> 1.0, >= 1.0.11)
    daemons (1.2.3)
    domain_name (0.5.20160216)
      unf (>= 0.0.5, < 1.0.0)
    em-redis-unified (1.0.1)
      eventmachine (>= 0.12.10)
    em-worker (0.0.2)
      eventmachine
    erubis (2.7.0)
    eventmachine (1.0.9.1)
    ffi (1.9.10)
    http-cookie (1.0.2)
      domain_name (~> 0.5)
    http_connection (1.4.4)
    json (1.8.3)
    mail (2.6.3)
      mime-types (>= 1.16, < 3)
    mailgun-ruby (1.0.3)
      json (~> 1.8)
      rest-client (~> 1.6)
    mime-types (2.99.1)
    mixlib-cli (1.5.0)
    multi_json (1.11.2)
    netrc (0.11.0)
    rack (1.6.4)
    rack-protection (1.5.3)
      rack
    rest-client (1.8.0)
      http-cookie (>= 1.0.2, < 2.0)
      mime-types (>= 1.16, < 3.0)
      netrc (~> 0.7)
    ruby-dbus (0.11.0)
    sensu (0.22.1)
      async_sinatra (= 1.2.0)
      em-redis-unified (= 1.0.1)
      eventmachine (= 1.0.9.1)
      multi_json (= 1.11.2)
      sensu-extension (= 1.3.0)
      sensu-extensions (= 1.4.0)
      sensu-logger (= 1.1.0)
      sensu-settings (= 3.3.0)
      sensu-spawn (= 1.7.0)
      sensu-transport (= 4.0.0)
      sinatra (= 1.4.6)
      thin (= 1.6.3)
      uuidtools (= 2.1.5)
    sensu-extension (1.3.0)
      eventmachine
    sensu-extensions (1.4.0)
      multi_json
      sensu-extension
      sensu-logger
      sensu-settings
    sensu-logger (1.1.0)
      eventmachine
      multi_json
    sensu-plugin (1.2.0)
      json
      mixlib-cli (>= 1.1.0)
    sensu-plugins-mailer (0.1.2)
      aws (= 2.10.2)
      erubis (= 2.7.0)
      mail (= 2.6.3)
      mailgun-ruby (= 1.0.3)
      sensu-plugin (= 1.2.0)
    sensu-plugins-ssl (0.0.6)
      rest-client (= 1.8.0)
      sensu-plugin (= 1.2.0)
    sensu-settings (3.3.0)
      multi_json
    sensu-spawn (1.7.0)
      childprocess (= 0.5.8)
      em-worker (= 0.0.2)
      eventmachine
    sensu-transport (4.0.0)
      amq-protocol (= 1.9.2)
      amqp (= 1.5.0)
      em-redis-unified (>= 1.0.0)
      eventmachine
    sinatra (1.4.6)
      rack (~> 1.4)
      rack-protection (~> 1.4)
      tilt (>= 1.3, < 3)
    systemd-bindings (0.0.1.1)
      ruby-dbus (= 0.11.0)
    thin (1.6.3)
      daemons (~> 1.0, >= 1.0.9)
      eventmachine (~> 1.0)
      rack (~> 1.0)
    tilt (2.0.2)
    unf (0.1.4)
      unf_ext
    unf_ext (0.0.7.2)
    uuidtools (2.1.5)
    xml-simple (1.1.5)

PLATFORMS
  ruby

DEPENDENCIES
  sensu (= 0.22.1)
  sensu-plugins-mailer (= 0.1.2)
  sensu-plugins-ssl (= 0.0.6)
  sensu-plugins-systemd!

BUNDLED WITH
   1.10.6
