GIT
  remote: git://github.com/nyxcharon/sensu-plugins-systemd.git
  revision: be972959c5f6cdc989b1122db72a4b10a1ecce77
  specs:
    sensu-plugins-systemd (0.0.1)
      sensu-plugin (= 1.2.0)
      systemd-bindings (= 0.0.1.1)

GEM
  remote: http://rubygems.org/
  specs:
    activesupport (4.2.10)
      i18n (~> 0.7)
      minitest (~> 5.1)
      thread_safe (~> 0.3, >= 0.3.4)
      tzinfo (~> 1.1)
    addressable (2.5.2)
      public_suffix (>= 2.0.2, < 4.0)
    amq-protocol (2.0.1)
    amqp (1.6.0)
      amq-protocol (>= 2.0.1)
      eventmachine
    aws-es-transport (0.1.4)
      aws-sdk (~> 2.1, >= 2.1.14)
      elasticsearch (~> 1.0, >= 1.0.10)
      faraday (~> 0.9.1)
      faraday_middleware (~> 0.10.0)
    aws-sdk (2.4.4)
      aws-sdk-resources (= 2.4.4)
    aws-sdk-core (2.4.4)
      jmespath (~> 1.0)
    aws-sdk-resources (2.4.4)
      aws-sdk-core (= 2.4.4)
    aws-ses (0.6.0)
      builder
      mail (> 2.2.5)
      mime-types
      xml-simple
    bson (4.3.0)
    builder (3.2.3)
    childprocess (0.5.8)
      ffi (~> 1.0, >= 1.0.11)
    concurrent-ruby (1.0.5)
    cookiejar (0.3.3)
    dalli (2.7.8)
    dentaku (2.0.4)
    dnsbl-client (1.0.2)
    dnsruby (1.61.2)
      addressable (~> 2.5)
    domain_name (0.5.20180417)
      unf (>= 0.0.5, < 1.0.0)
    elasticsearch (1.0.18)
      elasticsearch-api (= 1.0.18)
      elasticsearch-transport (= 1.0.18)
    elasticsearch-api (1.0.18)
      multi_json
    elasticsearch-transport (1.0.18)
      faraday
      multi_json
    em-http-request (1.1.5)
      addressable (>= 2.3.4)
      cookiejar (!= 0.3.1)
      em-socksify (>= 0.3)
      eventmachine (>= 1.0.3)
      http_parser.rb (>= 0.6.0)
    em-http-server (0.1.8)
      eventmachine
    em-socksify (0.3.2)
      eventmachine (>= 1.0.0.beta.4)
    em-worker (0.0.2)
      eventmachine
    erubis (2.7.0)
    eventmachine (1.2.5)
    faraday (0.9.2)
      multipart-post (>= 1.2, < 3)
    faraday_middleware (0.10.1)
      faraday (>= 0.7.4, < 1.0)
    ffi (1.9.21)
    http-cookie (1.0.3)
      domain_name (~> 0.5)
    http_parser.rb (0.6.0)
    i18n (0.9.5)
      concurrent-ruby (~> 1.0)
    inifile (3.0.0)
    jmespath (1.4.0)
    json (1.8.6)
    mail (2.6.3)
      mime-types (>= 1.16, < 3)
    mailgun-ruby (1.0.3)
      json (~> 1.8)
      rest-client (~> 1.6)
    mime-types (2.99.3)
    minitest (5.11.3)
    mixlib-cli (1.7.0)
    mongo (2.4.1)
      bson (>= 4.2.1, < 5.0.0)
    multi_json (1.13.1)
    multipart-post (2.0.0)
    net-ping (1.7.8)
    netrc (0.11.0)
    oj (2.18.1)
    ox (2.5.0)
    parse-cron (0.1.4)
    pg (0.18.3)
    public_suffix (2.0.5)
    redis (3.3.5)
    rest-client (1.8.0)
      http-cookie (>= 1.0.2, < 2.0)
      mime-types (>= 1.16, < 3.0)
      netrc (~> 0.7)
    ruby-dbus (0.11.0)
    ruby-mysql (2.9.14)
    ruby-ntlm (0.0.3)
    ruby-supervisor (0.0.2)
    sensu (1.5.0)
      em-http-request (= 1.1.5)
      em-http-server (= 0.1.8)
      eventmachine (= 1.2.5)
      parse-cron (= 0.1.4)
      sensu-extension (= 1.5.2)
      sensu-extensions (= 1.10.0)
      sensu-json (= 2.1.1)
      sensu-logger (= 1.2.2)
      sensu-redis (= 2.3.0)
      sensu-settings (= 10.14.0)
      sensu-spawn (= 2.5.0)
      sensu-transport (= 7.1.0)
    sensu-extension (1.5.2)
      eventmachine
    sensu-extensions (1.10.0)
      sensu-extension
      sensu-extensions-check-dependencies (= 1.1.0)
      sensu-extensions-debug (= 1.0.0)
      sensu-extensions-json (= 1.0.0)
      sensu-extensions-occurrences (= 1.2.0)
      sensu-extensions-only-check-output (= 1.0.0)
      sensu-extensions-ruby-hash (= 1.0.0)
      sensu-json (>= 1.1.0)
      sensu-logger
      sensu-settings
    sensu-extensions-check-dependencies (1.1.0)
      sensu-extension
    sensu-extensions-debug (1.0.0)
      sensu-extension
    sensu-extensions-json (1.0.0)
      sensu-extension
    sensu-extensions-occurrences (1.2.0)
      sensu-extension
    sensu-extensions-only-check-output (1.0.0)
      sensu-extension
    sensu-extensions-ruby-hash (1.0.0)
      sensu-extension
    sensu-json (2.1.1)
      oj (= 2.18.1)
    sensu-logger (1.2.2)
      eventmachine
      sensu-json
    sensu-plugin (1.2.0)
      json
      mixlib-cli (>= 1.1.0)
    sensu-plugins-disk-checks (3.1.0)
      sensu-plugin (~> 1.2)
      sys-filesystem (= 1.1.7)
    sensu-plugins-dns (2.1.1)
      dnsruby (~> 1.59, >= 1.59.2)
      public_suffix (~> 2)
      sensu-plugin (~> 1.2)
      whois (~> 4.0)
      whois-parser (~> 1.0)
    sensu-plugins-elasticsearch (2.1.0)
      aws-es-transport (~> 0.1)
      aws-sdk (~> 2.1, >= 2.1.14, < 2.5)
      elasticsearch (~> 1.0.14)
      rest-client (= 1.8.0)
      sensu-plugin (~> 1.2)
    sensu-plugins-entropy-checks (1.0.0)
      sensu-plugin (~> 1.2)
    sensu-plugins-logs (1.3.2)
      sensu-plugin (~> 1.2)
    sensu-plugins-mailer (2.0.1)
      aws-ses (= 0.6.0)
      erubis (= 2.7.0)
      mail (= 2.6.3)
      mailgun-ruby (= 1.0.3)
      ruby-ntlm (= 0.0.3)
      sensu-plugin (~> 1.2)
    sensu-plugins-memcached (0.1.3)
      dalli (~> 2.7)
      sensu-plugin (~> 1.2)
    sensu-plugins-mongodb (1.4.1)
      bson (~> 4.0)
      mongo (= 2.4.1)
      sensu-plugin (~> 1.2)
    sensu-plugins-mysql (2.5.1)
      inifile (= 3.0.0)
      ruby-mysql (~> 2.9)
      sensu-plugin (~> 1.2)
    sensu-plugins-network-checks (3.2.1)
      activesupport (~> 4.2)
      dnsbl-client (= 1.0.2)
      net-ping (= 1.7.8)
      sensu-plugin (~> 1.2)
      whois (>= 4.0)
      whois-parser (~> 1.0.0)
    sensu-plugins-postgres (1.4.6)
      dentaku (= 2.0.4)
      pg (= 0.18.3)
      sensu-plugin (~> 1.2)
    sensu-plugins-redis (3.0.1)
      redis (~> 3.3)
      sensu-plugin (~> 1.2)
    sensu-plugins-ssl (2.0.1)
      sensu-plugin (~> 1.2)
    sensu-plugins-supervisor (1.1.0)
      ox (~> 2.5.0)
      ruby-supervisor (= 0.0.2)
      sensu-plugin (~> 1.2)
    sensu-redis (2.3.0)
      eventmachine
    sensu-settings (10.14.0)
      parse-cron
      sensu-json (>= 1.1.0)
    sensu-spawn (2.5.0)
      childprocess (= 0.5.8)
      em-worker (= 0.0.2)
      eventmachine
      ffi (= 1.9.21)
    sensu-transport (7.1.0)
      amq-protocol (= 2.0.1)
      amqp (= 1.6.0)
      eventmachine
      sensu-redis (>= 1.0.0)
    sys-filesystem (1.1.7)
      ffi
    systemd-bindings (0.0.1.1)
      ruby-dbus (= 0.11.0)
    thread_safe (0.3.6)
    tzinfo (1.2.5)
      thread_safe (~> 0.1)
    unf (0.1.4)
      unf_ext
    unf_ext (0.0.7.5)
    whois (4.0.7)
    whois-parser (1.0.1)
      activesupport (>= 4)
      whois (>= 4.0.0)
    xml-simple (1.1.5)

PLATFORMS
  ruby

DEPENDENCIES
  sensu
  sensu-plugins-disk-checks
  sensu-plugins-dns
  sensu-plugins-elasticsearch
  sensu-plugins-entropy-checks
  sensu-plugins-logs
  sensu-plugins-mailer
  sensu-plugins-memcached
  sensu-plugins-mongodb
  sensu-plugins-mysql
  sensu-plugins-network-checks
  sensu-plugins-postgres
  sensu-plugins-redis
  sensu-plugins-ssl
  sensu-plugins-supervisor
  sensu-plugins-systemd!

BUNDLED WITH
   1.10.6
