GIT
  remote: https://github.com/nyxcharon/sensu-plugins-systemd.git
  revision: be972959c5f6cdc989b1122db72a4b10a1ecce77
  specs:
    sensu-plugins-systemd (0.0.1)
      sensu-plugin (= 1.2.0)
      systemd-bindings (= 0.0.1.1)

GEM
  remote: https://rubygems.org/
  specs:
    aws (2.10.2)
      http_connection
      uuidtools
      xml-simple
    domain_name (0.5.20160216)
      unf (>= 0.0.5, < 1.0.0)
    erubis (2.7.0)
    http-cookie (1.0.2)
      domain_name (~> 0.5)
    http_connection (1.4.4)
    json (1.8.3)
    mail (2.6.3)
      mime-types (>= 1.16, < 3)
    mailgun-ruby (1.0.3)
      json (~> 1.8)
      rest-client (~> 1.6)
    mime-types (2.99.1)
    mixlib-cli (1.5.0)
    netrc (0.11.0)
    rest-client (1.8.0)
      http-cookie (>= 1.0.2, < 2.0)
      mime-types (>= 1.16, < 3.0)
      netrc (~> 0.7)
    ruby-dbus (0.11.0)
    sensu-plugin (1.2.0)
      json
      mixlib-cli (>= 1.1.0)
    sensu-plugins-mailer (0.1.2)
      aws (= 2.10.2)
      erubis (= 2.7.0)
      mail (= 2.6.3)
      mailgun-ruby (= 1.0.3)
      sensu-plugin (= 1.2.0)
    sensu-plugins-ssl (0.0.6)
      rest-client (= 1.8.0)
      sensu-plugin (= 1.2.0)
    systemd-bindings (0.0.1.1)
      ruby-dbus (= 0.11.0)
    unf (0.1.4)
      unf_ext
    unf_ext (0.0.7.2)
    uuidtools (2.1.5)
    xml-simple (1.1.5)

PLATFORMS
  ruby

DEPENDENCIES
  sensu-plugins-mailer (= 0.1.2)
  sensu-plugins-ssl (= 0.0.6)
  sensu-plugins-systemd!

BUNDLED WITH
   1.10.6
